GEM
  remote: http://rubygems.org/
  specs:
    activemodel (3.0.9)
      activesupport (= 3.0.9)
      builder (~> 2.1.2)
      i18n (~> 0.5.0)
    activesupport (3.0.9)
    addressable (2.2.6)
    archive-tar-minitar (0.5.2)
    bcrypt-ruby (2.1.4)
    bond (0.4.1)
    builder (2.1.2)
    capybara (1.0.0)
      mime-types (>= 1.16)
      nokogiri (>= 1.3.3)
      rack (>= 1.0.0)
      rack-test (>= 0.5.4)
      selenium-webdriver (~> 0.2.0)
      xpath (~> 0.1.4)
    childprocess (0.1.9)
      ffi (~> 1.0.6)
    columnize (0.3.4)
    diff-lcs (1.1.2)
    dm-active_model (1.1.0)
      activemodel (~> 3.0.4)
      dm-core (~> 1.1.0)
    dm-core (1.1.0)
      addressable (~> 2.2.4)
    dm-redis-adapter (0.4.0)
      dm-core (>= 1.1.0)
      dm-types (>= 1.1.0)
      hiredis (~> 0.3.0)
      redis (~> 2.2)
    dm-serializer (1.1.0)
      dm-core (~> 1.1.0)
      fastercsv (~> 1.5.4)
      json (~> 1.4.6)
    dm-timestamps (1.1.0)
      dm-core (~> 1.1.0)
    dm-types (1.1.0)
      bcrypt-ruby (~> 2.1.4)
      dm-core (~> 1.1.0)
      fastercsv (~> 1.5.4)
      json (~> 1.4.6)
      stringex (~> 1.2.0)
      uuidtools (~> 2.1.2)
    dm-validations (1.1.0)
      dm-core (~> 1.1.0)
    factory_girl (1.3.3)
    fastercsv (1.5.4)
    ffi (1.0.9)
    hashie (1.0.0)
    hiredis (0.3.2)
    i18n (0.5.0)
    json (1.4.6)
    json_pure (1.5.3)
    json_spec (0.5.0)
      json (~> 1.0)
      rspec (~> 2.0)
    linecache19 (0.5.12)
      ruby_core_source (>= 0.1.4)
    mime-types (1.16)
    nokogiri (1.5.0)
    rack (1.3.1)
    rack-test (0.6.0)
      rack (>= 1.0)
    redis (2.2.1)
    rest-client (1.6.3)
      mime-types (>= 1.16)
    ripl (0.4.2)
      bond (~> 0.4.0)
    ripl-irb (0.2.2)
      ripl (>= 0.2.5)
    ripl-multi_line (0.3.0)
      ripl (>= 0.3.6)
    ripl-rack (0.2.0)
      rack (>= 1.0)
      rack-test (>= 0.5)
      ripl (>= 0.3.5)
    rspec (2.6.0)
      rspec-core (~> 2.6.0)
      rspec-expectations (~> 2.6.0)
      rspec-mocks (~> 2.6.0)
    rspec-core (2.6.4)
    rspec-expectations (2.6.0)
      diff-lcs (~> 1.1.2)
    rspec-mocks (2.6.0)
    ruby-debug-base19 (0.11.24)
      columnize (>= 0.3.1)
      linecache19 (>= 0.5.11)
      ruby_core_source (>= 0.1.4)
    ruby-debug19 (0.11.6)
      columnize (>= 0.3.1)
      linecache19 (>= 0.5.11)
      ruby-debug-base19 (>= 0.11.19)
    ruby_core_source (0.1.5)
      archive-tar-minitar (>= 0.5.2)
    rubyzip (0.9.4)
    selenium-webdriver (0.2.2)
      childprocess (>= 0.1.9)
      ffi (>= 1.0.7)
      json_pure
      rubyzip
    sinatra (1.2.6)
      rack (~> 1.1)
      tilt (< 2.0, >= 1.2.2)
    sinatra-logger (0.1.1)
      sinatra (>= 1.0)
    spork (0.9.0.rc9)
    stringex (1.2.2)
    tilt (1.3.2)
    timecop (0.3.5)
    tux (0.3.0)
      ripl (>= 0.3.5)
      ripl-multi_line (>= 0.2.4)
      ripl-rack (>= 0.2.0)
      sinatra (>= 1.2.1)
    uuidtools (2.1.2)
    watchr (0.7)
    xpath (0.1.4)
      nokogiri (~> 1.3)
    yajl-ruby (0.8.2)

PLATFORMS
  ruby

DEPENDENCIES
  activesupport
  capybara
  dm-active_model (>= 1.1.0)
  dm-core (>= 1.1.0)
  dm-redis-adapter (>= 0.4.0)
  dm-serializer (>= 1.1.0)
  dm-timestamps (>= 1.1.0)
  dm-types (>= 1.1.0)
  dm-validations (>= 1.1.0)
  factory_girl
  hashie
  json_spec
  rack-test (>= 0.6.0)
  rest-client
  ripl-irb
  rspec (>= 2.6.0)
  ruby-debug-base19 (= 0.11.24)
  ruby-debug19 (= 0.11.6)
  sinatra
  sinatra-logger
  spork (>= 0.9.0.rc8)
  timecop (>= 0.3.5)
  tux
  watchr (>= 0.7)
  yajl-ruby
