GEM
  remote: http://rubygems.org/
  specs:
    activemodel (3.0.9)
      activesupport (= 3.0.9)
      builder (~> 2.1.2)
      i18n (~> 0.5.0)
    activesupport (3.0.9)
    addressable (2.2.6)
    bcrypt-ruby (2.1.4)
    builder (2.1.2)
    clamp (0.2.3)
    diff-lcs (1.1.2)
    dm-active_model (1.1.0)
      activemodel (~> 3.0.4)
      dm-core (~> 1.1.0)
    dm-core (1.1.0)
      addressable (~> 2.2.4)
    dm-redis-adapter (0.4.0)
      dm-core (>= 1.1.0)
      dm-types (>= 1.1.0)
      hiredis (~> 0.3.0)
      redis (~> 2.2)
    dm-serializer (1.1.0)
      dm-core (~> 1.1.0)
      fastercsv (~> 1.5.4)
      json (~> 1.4.6)
    dm-timestamps (1.1.0)
      dm-core (~> 1.1.0)
    dm-types (1.1.0)
      bcrypt-ruby (~> 2.1.4)
      dm-core (~> 1.1.0)
      fastercsv (~> 1.5.4)
      json (~> 1.4.6)
      stringex (~> 1.2.0)
      uuidtools (~> 2.1.2)
    dm-validations (1.1.0)
      dm-core (~> 1.1.0)
    factory_girl (1.3.3)
    fastercsv (1.5.4)
    hashie (1.0.0)
    hiredis (0.3.2)
    i18n (0.5.0)
    json (1.4.6)
    json_spec (0.5.0)
      json (~> 1.0)
      rspec (~> 2.0)
    mime-types (1.16)
    mixlib-log (1.3.0)
    rack (1.3.4)
    rack-protection (1.1.4)
      rack
    rack-test (0.6.0)
      rack (>= 1.0)
    redis (2.2.1)
    rest-client (1.6.3)
      mime-types (>= 1.16)
    rspec (2.6.0)
      rspec-core (~> 2.6.0)
      rspec-expectations (~> 2.6.0)
      rspec-mocks (~> 2.6.0)
    rspec-core (2.6.4)
    rspec-expectations (2.6.0)
      diff-lcs (~> 1.1.2)
    rspec-mocks (2.6.0)
    sinatra (1.3.1)
      rack (~> 1.3, >= 1.3.4)
      rack-protection (~> 1.1, >= 1.1.2)
      tilt (~> 1.3, >= 1.3.3)
    sinatra-logger (0.1.1)
      sinatra (>= 1.0)
    spork (0.9.0.rc9)
    stringex (1.2.2)
    tilt (1.3.3)
    timecop (0.3.5)
    uuidtools (2.1.2)
    watchr (0.7)
    yajl-ruby (0.8.2)
    yard (0.7.2)
    yard-dm (0.1.1)

PLATFORMS
  ruby

DEPENDENCIES
  activesupport (>= 3.0.9)
  clamp
  dm-active_model (>= 1.1.0)
  dm-core (>= 1.1.0)
  dm-redis-adapter (>= 0.4.0)
  dm-serializer (>= 1.1.0)
  dm-timestamps (>= 1.1.0)
  dm-types (>= 1.1.0)
  dm-validations (>= 1.1.0)
  factory_girl (>= 1.3.3)
  hashie (>= 1.0.0)
  json_spec (>= 0.5.0)
  mixlib-log
  rack-test (>= 0.6.0)
  rest-client (>= 1.6.3)
  rspec (>= 2.6.0)
  sinatra (>= 1.3.0)
  sinatra-logger (>= 0.1.1)
  spork (>= 0.9.0.rc8)
  timecop (>= 0.3.5)
  watchr (>= 0.7)
  yajl-ruby (>= 0.8.2)
  yard
  yard-dm
